GEM
  remote: https://rubygems.org/
  specs:
    breaking_bad_project_cli (13.0.1)
      rake (~> 13.0.1)
    rake (13.0.1)
    require_all (3.0.0)
    rubygems-update (3.1.2)

PLATFORMS
  ruby

DEPENDENCIES
  breaking_bad_project_cli
  bundler (~> 2.1, >= 2.1.4)
  rake (~> 13.0, >= 13.0.1)
  require_all
  rubygems-update (~> 3.1, >= 3.1.2)

BUNDLED WITH
   2.1.4
