GEM
  remote: https://rubygems.org/
  specs:
    rake (13.0.1)
    require_all (3.0.0)
    rubygems-update (3.1.2)

PLATFORMS
  ruby

DEPENDENCIES
  rake (~> 13.0, >= 13.0.1)
  require_all
  rubygems-update (~> 3.1, >= 3.1.2)

BUNDLED WITH
   2.0.1
