GEM
  remote: https://rubygems.org/
  specs:
    rake (13.0.1)
    require_all (3.0.0)
    rstrip (0.0.4)
      thor
    rubygems-update (3.1.2)
    thor (1.0.1)

PLATFORMS
  ruby

DEPENDENCIES
  bundler (~> 2.1, >= 2.1.4)
  rake (~> 13.0, >= 13.0.1)
  require_all
  rstrip (~> 0.0.4)
  rubygems-update (~> 3.1, >= 3.1.2)

BUNDLED WITH
   2.1.4
